FRAMEWORK: >= NET461
NUGET
  remote: https://ci.appveyor.com/nuget/servicea
    ServiceA.MessageContracts (1.0.3)
  remote: https://www.nuget.org/api/v2
    xunit (2.1)
      xunit.assert (2.1)
      xunit.core (2.1)
    xunit.abstractions (2.0)
    xunit.assert (2.1)
    xunit.core (2.1)
      xunit.extensibility.core (2.1)
      xunit.extensibility.execution (2.1)
    xunit.extensibility.core (2.1)
      xunit.abstractions (2.0)
    xunit.extensibility.execution (2.1)
      xunit.extensibility.core (2.1)
